GEM
  remote: http://rubygems.org/
  specs:
    activesupport (3.0.6)
    bacon (1.1.0)
    builder (3.0.0)
    daemons (1.1.2)
    eventmachine (0.12.10)
    extlib (0.9.15)
    hoptoad_notifier (2.4.9)
      activesupport
      builder
    mime-types (1.16)
    mocha (0.9.12)
    mysql (2.8.1)
    mysql2 (0.2.6)
    pg (0.9.0)
    rack (1.2.2)
    rack-test (0.5.7)
      rack (>= 1.0)
    rake (0.8.7)
    rcov (0.9.9)
    rest-client (1.6.1)
      mime-types (>= 1.16)
    sequel (3.22.0)
    sinatra (1.2.3)
      rack (~> 1.1)
      tilt (>= 1.2.2, < 2.0)
    sqlite3 (1.3.3)
    sqlite3-ruby (1.3.3)
      sqlite3 (>= 1.3.3)
    thin (1.2.11)
      daemons (>= 1.0.9)
      eventmachine (>= 0.12.6)
      rack (>= 1.0.0)
    tilt (1.2.2)

PLATFORMS
  ruby

DEPENDENCIES
  bacon
  extlib (= 0.9.15)
  hoptoad_notifier
  mocha
  mysql (= 2.8.1)
  mysql2 (= 0.2.6)
  pg (= 0.9.0)
  rack
  rack-test
  rake
  rcov
  rest-client
  sequel
  sinatra
  sqlite3-ruby
  thin (> 1.2.0)
